GEM
  remote: https://rubygems.org/
  specs:
    coderay (1.0.6)
    diff-lcs (1.1.3)
    method_source (0.7.1)
    multi_json (1.3.5)
    pry (0.9.9.4)
      coderay (~> 1.0.5)
      method_source (~> 0.7.1)
      slop (>= 2.4.4, < 3)
    pry-nav (0.2.1)
      pry (~> 0.9.9)
    rspec (2.10.0)
      rspec-core (~> 2.10.0)
      rspec-expectations (~> 2.10.0)
      rspec-mocks (~> 2.10.0)
    rspec-core (2.10.0)
    rspec-expectations (2.10.0)
      diff-lcs (~> 1.1.3)
    rspec-mocks (2.10.1)
    simplecov (0.6.2)
      multi_json (~> 1.3)
      simplecov-html (~> 0.5.3)
    simplecov-html (0.5.3)
    slop (2.4.4)

PLATFORMS
  ruby

DEPENDENCIES
  pry
  pry-nav
  rspec
  simplecov
  slop
